GEM
  remote: https://rubygems.org/
  specs:
    archive-tar-minitar (0.5.2)
    backports (3.3.0)
    chunky_png (1.2.8)
    closure-compiler (1.1.8)
    columnize (0.3.6)
    compass (0.12.2)
      chunky_png (~> 1.2)
      fssm (>= 0.2.7)
      sass (~> 3.1)
    daemons (1.1.9)
    downlow (0.1.4)
      archive-tar-minitar (>= 0.5.2)
      rubyzip (>= 0.9.4)
    ethon (0.5.11)
      ffi (>= 1.3.0)
      mime-types (~> 1.18)
    eventmachine (1.0.3)
    ffi (1.7.0)
    fssm (0.2.10)
    haml (4.0.2)
      tilt
    i18n (0.6.4)
    jim (0.3.3)
      downlow (~> 0.1.3)
      listen
      thor (~> 0.15)
      version_sorter (~> 1.1.0)
      yajl-ruby
    kgio (2.8.0)
    linecache19 (0.5.12)
      ruby_core_source (>= 0.1.4)
    listen (0.7.3)
    mail (2.5.3)
      i18n (>= 0.4.0)
      mime-types (~> 1.16)
      treetop (~> 1.4.8)
    mime-types (1.22)
    minitest (2.12.1)
    minitest-display (0.1.0)
      minitest (~> 2.3)
    polyglot (0.3.3)
    pony (1.4)
      mail (> 2.0)
    rack (1.3.5)
    rack-protection (1.5.0)
      rack
    rack-test (0.6.2)
      rack (>= 1.0)
    raindrops (0.10.0)
    rake (10.0.4)
    redis (2.2.2)
    redis-namespace (1.1.0)
      redis (< 3.0.0)
    redised (0.2.1)
      redis (~> 2)
      redis-namespace
    ruby-debug-base19 (0.11.25)
      columnize (>= 0.3.1)
      linecache19 (>= 0.5.11)
      ruby_core_source (>= 0.1.4)
    ruby-debug19 (0.11.6)
      columnize (>= 0.3.1)
      linecache19 (>= 0.5.11)
      ruby-debug-base19 (>= 0.11.19)
    ruby_core_source (0.1.5)
      archive-tar-minitar (>= 0.5.2)
    rubyzip (0.9.9)
    sass (3.2.7)
    sinatra (1.3.1)
      rack (~> 1.3, >= 1.3.4)
      rack-protection (~> 1.1, >= 1.1.2)
      tilt (~> 1.3, >= 1.3.3)
    sinatra-contrib (1.3.2)
      backports (>= 2.0)
      eventmachine
      rack-protection
      rack-test
      sinatra (~> 1.3.0)
      tilt (~> 1.3)
    sinatra-reloader (1.0)
      sinatra-contrib
    thin (1.5.1)
      daemons (>= 1.0.9)
      eventmachine (>= 0.12.6)
      rack (>= 1.0.0)
    thor (0.18.1)
    tilt (1.3.7)
    treetop (1.4.12)
      polyglot
      polyglot (>= 0.3.1)
    typhoeus (0.6.3)
      ethon (~> 0.5.11)
    unicorn (4.6.2)
      kgio (~> 2.6)
      rack
      raindrops (~> 0.7)
    version_sorter (1.1.0)
    yajl-ruby (1.1.0)

PLATFORMS
  ruby

DEPENDENCIES
  closure-compiler
  compass
  haml
  jim
  minitest
  minitest-display
  pony
  rack (= 1.3.5)
  rake
  redis
  redised
  ruby-debug19
  sinatra
  sinatra-contrib
  sinatra-reloader
  thin
  typhoeus
  unicorn
  yajl-ruby
